GEM
  remote: https://rubygems.org/
  specs:
    Ascii85 (1.0.3)
    afm (0.2.2)
    coderay (1.1.2)
    hashery (2.1.2)
    method_source (1.0.0)
    pdf-reader (2.4.0)
      Ascii85 (~> 1.0.0)
      afm (~> 0.2.1)
      hashery (~> 2.0)
      ruby-rc4
      ttfunk
    pry (0.13.0)
      coderay (~> 1.1)
      method_source (~> 1.0)
    ruby-rc4 (0.1.5)
    ttfunk (1.6.2.1)

PLATFORMS
  ruby

DEPENDENCIES
  pdf-reader
  pry

BUNDLED WITH
   2.1.4
